GEM
  remote: https://rubygems.org/
  specs:
    cf-uaa-lib (3.14.3)
      httpclient (~> 2.8, >= 2.8.2.4)
      multi_json (~> 1.12.0, >= 1.12.1)
    highline (2.0.0)
    httpclient (2.8.3)
    multi_json (1.12.2)
    terminal-table (1.8.0)
      unicode-display_width (~> 1.1, >= 1.1.1)
    unicode-display_width (1.4.0)

PLATFORMS
  ruby

DEPENDENCIES
  bundler
  cf-uaa-lib
  highline
  httpclient
  terminal-table

BUNDLED WITH
   1.16.1
