GEM
  remote: https://rubygems.org/
  specs:
    cf-uaa-lib (3.14.3)
      httpclient (~> 2.8, >= 2.8.2.4)
      multi_json (~> 1.12.0, >= 1.12.1)
    httpclient (2.8.3)
    multi_json (1.12.2)
    mustermann (1.0.2)
    rack (2.0.5)
    rack-protection (2.0.3)
      rack
    shotgun (0.9.2)
      rack (>= 1.0)
    sinatra (2.0.3)
      mustermann (~> 1.0)
      rack (~> 2.0)
      rack-protection (= 2.0.3)
      tilt (~> 2.0)
    tilt (2.0.8)

PLATFORMS
  ruby

DEPENDENCIES
  bundler
  cf-uaa-lib
  shotgun
  sinatra

BUNDLED WITH
   1.16.1
